GEM
  remote: http://rubygems.org/
  specs:
    git (1.2.5)
    i18n (0.6.1)
    jeweler (1.8.4)
      bundler (~> 1.0)
      git (>= 1.2.5)
      rake
      rdoc
    json (1.7.5)
    mail (2.5.3)
      i18n (>= 0.4.0)
      mime-types (~> 1.16)
      treetop (~> 1.4.8)
    mime-types (1.19)
    polyglot (0.3.3)
    rake (10.0.3)
    rdoc (3.12)
      json (~> 1.4)
    treetop (1.4.12)
      polyglot
      polyglot (>= 0.3.1)

PLATFORMS
  ruby

DEPENDENCIES
  jeweler (~> 1.8.4)
  mail
